GEM
  remote: https://rubygems.org/
  specs:
    childprocess (3.0.0)
    csv (3.1.5)
    mini_portile2 (2.8.0)
    nokogiri (1.13.5)
      mini_portile2 (~> 2.8.0)
      racc (~> 1.4)
    racc (1.6.0)
    rubyzip (2.3.0)
    selenium-webdriver (3.142.7)
      childprocess (>= 0.5, < 4.0)
      rubyzip (>= 1.2.2)

PLATFORMS
  ruby

DEPENDENCIES
  csv
  nokogiri
  selenium-webdriver

BUNDLED WITH
   2.1.2
